PATH
  remote: gems/mongo_mapper-0.6.1
  specs:
    mongo_mapper (0.6.1)
      activesupport (= 2.2.2)
      jnunemaker-validatable (= 1.8.1)
      mongo (= 0.17.1)

PATH
  remote: gems/quickbooks-1.0.7
  specs:
    quickbooks (1.0.7)
      libxml-ruby (>= 1.1.3)

GEM
  remote: http://rubygems.org/
  specs:
    RedCloth (4.2.3)
    actionmailer (2.2.2)
      actionpack (= 2.2.2)
    actionpack (2.2.2)
      activesupport (= 2.2.2)
    activerecord (2.2.2)
      activesupport (= 2.2.2)
    activeresource (2.2.2)
      activesupport (= 2.2.2)
    activesupport (2.2.2)
    cgi_multipart_eof_fix (2.5.0)
    crack (0.1.6)
    daemons (1.1.0)
    days_and_times (1.0.2)
    fastthread (1.0.7)
    gem_plugin (0.2.3)
    googlebase (0.2.1)
    httparty (0.5.2)
      crack (= 0.1.6)
    jnunemaker-validatable (1.8.1)
    libxml-ruby (1.1.4)
    mongo (0.17.1)
    mongrel (1.1.5)
      cgi_multipart_eof_fix (>= 2.4)
      daemons (>= 1.0.3)
      fastthread (>= 1.0.1)
      gem_plugin (>= 0.2.3)
    navvy (0.1.0)
    paperclip (2.1.2)
    rails (2.2.2)
      actionmailer (= 2.2.2)
      actionpack (= 2.2.2)
      activerecord (= 2.2.2)
      activeresource (= 2.2.2)
      activesupport (= 2.2.2)
      rake (>= 0.8.3)
    rake (0.8.7)
    sqlite3-ruby (1.3.1)

PLATFORMS
  ruby

DEPENDENCIES
  RedCloth (= 4.2.3)
  activesupport (= 2.2.2)
  days_and_times (= 1.0.2)
  googlebase (= 0.2.1)
  httparty (= 0.5.2)
  jnunemaker-validatable (= 1.8.1)
  mongo_mapper!
  mongrel
  navvy (= 0.1.0)
  paperclip (= 2.1.2)
  quickbooks!
  rails (= 2.2.2)
  sqlite3-ruby
